GEM
  remote: http://rubygems.org/
  specs:
    ast (2.0.0)
    builder (3.2.2)
    ci_reporter (1.9.2)
      builder (>= 2.1.2)
    colored (1.2)
    diff-lcs (1.2.5)
    git (1.2.7)
    json (1.8.1)
    parser (2.2.0.pre.2)
      ast (>= 1.1, < 3.0)
      slop (~> 3.4, >= 3.4.5)
    powerpack (0.0.9)
    rainbow (2.0.0)
    rake (10.3.2)
    rspec (2.99.0)
      rspec-core (~> 2.99.0)
      rspec-expectations (~> 2.99.0)
      rspec-mocks (~> 2.99.0)
    rspec-core (2.99.1)
    rspec-expectations (2.99.1)
      diff-lcs (>= 1.1.3, < 2.0)
    rspec-mocks (2.99.1)
    rubocop (0.24.0)
      json (>= 1.7.7, < 2)
      parser (>= 2.2.0.pre.2, < 3.0)
      powerpack (~> 0.0.6)
      rainbow (>= 1.99.1, < 3.0)
      ruby-progressbar (~> 1.4)
    rubocop-checkstyle_formatter (0.1.1)
      rubocop (>= 0.14.0)
    ruby-progressbar (1.5.1)
    slop (3.5.0)

PLATFORMS
  ruby

DEPENDENCIES
  ci_reporter (~> 1.9.0)
  colored
  git (~> 1.2.6)
  rake (~> 10.2)
  rspec (~> 2.12)
  rubocop
  rubocop-checkstyle_formatter
