GIT
  remote: git://github.com/NREL/OpenStudio-workflow-gem.git
  revision: 1c32407ad6cfbfb4197c9900dfdab9b0daa3ab92
  ref: 5029467
  branch: develop
  specs:
    openstudio-workflow (0.2.0)
      colored (~> 1.2)
      facter (>= 2.0)
      multi_json (~> 1.10.0)
      rubyXL (~> 3.3.0)
      rubyzip (~> 1.1.7)

GIT
  remote: git://github.com/NREL/dencity-gem.git
  revision: 974772f6206303cb1549f626c0c389ac9201e151
  specs:
    dencity (0.1.0)
      faraday
      faraday_middleware
      hashie
      multi_json
      parallel

GIT
  remote: git://github.com/NREL/openstudio-standards.git
  revision: 75a17f5b54fc0b6dda3f6d06cc14d812f0c3450e
  specs:
    openstudio-standards (0.1.1)

GEM
  remote: http://rubygems.org/
  specs:
    CFPropertyList (2.2.8)
    activemodel (3.2.22.2)
      activesupport (= 3.2.22.2)
      builder (~> 3.0.0)
    activesupport (3.2.22.2)
      i18n (~> 0.6, >= 0.6.4)
      multi_json (~> 1.0)
    builder (3.0.4)
    climate_control (0.0.3)
      activesupport (>= 3.0)
    cocaine (0.5.8)
      climate_control (>= 0.0.3, < 1.0)
    colored (1.2)
    delayed_job (4.1.1)
      activesupport (>= 3.0, < 5.0)
    delayed_job_mongoid (2.2.0)
      delayed_job (>= 3.0, < 5)
      mongoid (>= 3.0, < 6)
      mongoid-compatibility
    facter (2.3.0)
      CFPropertyList (~> 2.2.6)
    facter (2.3.0-x64-mingw32)
      ffi (~> 1.9.5)
      win32-dir (~> 0.4.8)
      win32-security (~> 0.2.5)
    faraday (0.9.2)
      multipart-post (>= 1.2, < 3)
    faraday_middleware (0.10.0)
      faraday (>= 0.7.4, < 0.10)
    ffi (1.9.10-x64-mingw32)
    hashie (3.4.3)
    i18n (0.7.0)
    libxml-ruby (2.8.0)
    macaddr (1.7.1)
      systemu (~> 2.6.2)
    mime-types (3.0)
      mime-types-data (~> 3.2015)
    mime-types-data (3.2016.0221)
    mini_portile2 (2.0.0)
    mongoid (3.1.7)
      activemodel (~> 3.2)
      moped (~> 1.4)
      origin (~> 1.0)
      tzinfo (~> 0.3.29)
    mongoid-compatibility (0.3.1)
      activesupport
      mongoid (>= 2.0)
    mongoid-paperclip (0.0.10)
      paperclip (>= 2.3.6, != 4.3.0)
    moped (1.5.3)
    msgpack (0.7.5)
    msgpack (0.7.5-x64-mingw32)
    multi_json (1.10.1)
    multipart-post (2.0.0)
    nokogiri (1.6.7.2)
      mini_portile2 (~> 2.0.0.rc2)
    nokogiri (1.6.7.2-x64-mingw32)
      mini_portile2 (~> 2.0.0.rc2)
    oj (2.15.0)
    origin (1.1.0)
    os (0.9.6)
    paperclip (4.1.1)
      activemodel (>= 3.0.0)
      activesupport (>= 3.0.0)
      cocaine (~> 0.5.3)
      mime-types
    parallel (1.8.0)
    rserve-client (0.3.1)
    rserve-simpler (0.0.6)
      rserve-client (~> 0.3.0)
    ruby-prof (0.15.9)
    rubyXL (3.3.17)
      nokogiri (>= 1.4.4)
      rubyzip (>= 1.1.6)
    rubyzip (1.1.7)
    systemu (2.6.5)
    tzinfo (0.3.48)
    uuid (2.3.8)
      macaddr (~> 1.0)
    win32-dir (0.4.9)
      ffi (>= 1.0.0)
    win32-security (0.2.5)
      ffi

PLATFORMS
  ruby
  x64-mingw32

DEPENDENCIES
  delayed_job_mongoid
  dencity!
  facter (~> 2.3.0)
  libxml-ruby
  mongoid (~> 3.1.6)
  mongoid-paperclip
  msgpack
  multi_json
  oj
  openstudio-standards!
  openstudio-workflow!
  os
  paperclip (~> 4.1.1)
  parallel
  rserve-simpler
  ruby-prof
  uuid

BUNDLED WITH
   1.11.2
