GIT
  remote: git://github.com/NREL/OpenStudio-workflow-gem.git
  revision: a965062aa1d777b8481a5ccbfb2ff3d6a78a9384
  branch: develop
  specs:
    openstudio-workflow (0.0.2)
      aasm (~> 3.1.1)
      colored (~> 1.2)
      multi_json (~> 1.10.0)

GEM
  remote: http://rubygems.org/
  specs:
    CFPropertyList (2.2.8)
    aasm (3.1.1)
    activemodel (3.2.18)
      activesupport (= 3.2.18)
      builder (~> 3.0.0)
    activesupport (3.2.18)
      i18n (~> 0.6, >= 0.6.4)
      multi_json (~> 1.0)
    builder (3.0.4)
    climate_control (0.0.3)
      activesupport (>= 3.0)
    cocaine (0.5.4)
      climate_control (>= 0.0.3, < 1.0)
    colored (1.2)
    delayed_job (4.0.1)
      activesupport (>= 3.0, < 4.2)
    delayed_job_mongoid (2.1.0)
      delayed_job (>= 3.0, < 5)
      mongoid (>= 3.0, < 5)
    facter (2.1.0)
      CFPropertyList (~> 2.2.6)
    i18n (0.6.9)
    libxml-ruby (2.7.0)
    macaddr (1.7.1)
      systemu (~> 2.6.2)
    mime-types (2.3)
    mongoid (3.1.6)
      activemodel (~> 3.2)
      moped (~> 1.4)
      origin (~> 1.0)
      tzinfo (~> 0.3.29)
    mongoid-paperclip (0.0.9)
      paperclip (>= 2.3.6)
    moped (1.5.2)
    multi_json (1.10.1)
    origin (1.1.0)
    os (0.9.6)
    paperclip (4.1.1)
      activemodel (>= 3.0.0)
      activesupport (>= 3.0.0)
      cocaine (~> 0.5.3)
      mime-types
    systemu (2.6.4)
    tzinfo (0.3.39)
    uuid (2.3.7)
      macaddr (~> 1.0)

PLATFORMS
  ruby

DEPENDENCIES
  delayed_job_mongoid
  facter
  libxml-ruby
  mongoid (~> 3.1.6)
  mongoid-paperclip
  openstudio-workflow!
  os
  paperclip (~> 4.1.1)
  uuid
