GIT
  remote: git://github.com/NREL/OpenStudio-workflow-gem.git
  revision: 609773c099ec60e24b2a514d5c6ea2c5fe2f4db9
  branch: EnergyPlus-8.3.0
  specs:
    openstudio-workflow (0.1.1)
      colored (~> 1.2)
      facter (>= 2.0)
      multi_json (~> 1.10.0)
      rubyXL (~> 3.3.0)
      rubyzip (~> 1.1.7)

GEM
  remote: http://rubygems.org/
  specs:
    CFPropertyList (2.2.8)
    activemodel (3.2.22)
      activesupport (= 3.2.22)
      builder (~> 3.0.0)
    activesupport (3.2.22)
      i18n (~> 0.6, >= 0.6.4)
      multi_json (~> 1.0)
    builder (3.0.4)
    climate_control (0.0.3)
      activesupport (>= 3.0)
    cocaine (0.5.7)
      climate_control (>= 0.0.3, < 1.0)
    colored (1.2)
    delayed_job (4.0.6)
      activesupport (>= 3.0, < 5.0)
    delayed_job_mongoid (2.1.0)
      delayed_job (>= 3.0, < 5)
      mongoid (>= 3.0, < 5)
    facter (2.3.0)
      CFPropertyList (~> 2.2.6)
    i18n (0.7.0)
    libxml-ruby (2.8.0)
    macaddr (1.7.1)
      systemu (~> 2.6.2)
    mime-types (2.6.1)
    mini_portile (0.6.2)
    mongoid (3.1.7)
      activemodel (~> 3.2)
      moped (~> 1.4)
      origin (~> 1.0)
      tzinfo (~> 0.3.29)
    mongoid-paperclip (0.0.9)
      paperclip (>= 2.3.6)
    moped (1.5.3)
    msgpack (0.6.2)
    multi_json (1.10.1)
    nokogiri (1.6.6.2)
      mini_portile (~> 0.6.0)
    oj (2.12.12)
    origin (1.1.0)
    os (0.9.6)
    paperclip (4.1.1)
      activemodel (>= 3.0.0)
      activesupport (>= 3.0.0)
      cocaine (~> 0.5.3)
      mime-types
    parallel (1.6.1)
    ruby-prof (0.15.8)
    rubyXL (3.3.11)
      nokogiri (>= 1.4.4)
      rubyzip (>= 1.1.6)
    rubyzip (1.1.7)
    systemu (2.6.5)
    tzinfo (0.3.44)
    uuid (2.3.8)
      macaddr (~> 1.0)

PLATFORMS
  ruby

DEPENDENCIES
  delayed_job_mongoid
  facter (~> 2.3.0)
  libxml-ruby
  mongoid (~> 3.1.6)
  mongoid-paperclip
  msgpack
  multi_json
  oj
  openstudio-workflow!
  os
  paperclip (~> 4.1.1)
  parallel
  ruby-prof
  uuid

BUNDLED WITH
   1.10.6
